PATH
  remote: .
  specs:
    google-business-messages (0.1.0)

GEM
  remote: https://rubygems.org/
  specs:
    minitest (5.16.3)
    rake (13.0.6)

PLATFORMS
  arm64-darwin-22

DEPENDENCIES
  google-business-messages!
  minitest (~> 5.0)
  rake (~> 13.0)

BUNDLED WITH
   2.4.19
