PATH
  remote: .
  specs:
    google-business-messages (0.1.0)

GEM
  remote: https://rubygems.org/
  specs:
    base64 (0.1.1)
    faraday (2.7.11)
      base64
      faraday-net_http (>= 2.0, < 3.1)
      ruby2_keywords (>= 0.0.4)
    faraday-net_http (3.0.2)
    minitest (5.16.3)
    rake (13.0.6)
    ruby2_keywords (0.0.5)

PLATFORMS
  arm64-darwin-22

DEPENDENCIES
  faraday (~> 2.7)
  google-business-messages!
  minitest (~> 5.0)
  rake (~> 13.0)

BUNDLED WITH
   2.4.19
